PATH
  remote: .
  specs:
    quickeebooks (0.1.23)
      activemodel
      nokogiri (~> 1.5.9)
      oauth
      roxml

GEM
  remote: http://rubygems.org/
  specs:
    activemodel (4.0.1)
      activesupport (= 4.0.1)
      builder (~> 3.1.0)
    activesupport (4.0.1)
      i18n (~> 0.6, >= 0.6.4)
      minitest (~> 4.2)
      multi_json (~> 1.3)
      thread_safe (~> 0.1)
      tzinfo (~> 0.3.37)
    atomic (1.1.14)
    builder (3.1.4)
    coderay (1.0.9)
    diff-lcs (1.2.4)
    fakeweb (1.3.0)
    ffi (1.8.1)
    formatador (0.2.4)
    guard (1.8.0)
      formatador (>= 0.2.4)
      listen (>= 1.0.0)
      lumberjack (>= 1.0.2)
      pry (>= 0.9.10)
      thor (>= 0.14.6)
    guard-rspec (3.0.0)
      guard (>= 1.8)
      rspec (~> 2.13)
    i18n (0.6.5)
    listen (1.1.3)
      rb-fsevent (>= 0.9.3)
      rb-inotify (>= 0.9)
      rb-kqueue (>= 0.2)
    lumberjack (1.0.3)
    method_source (0.8.1)
    minitest (4.7.5)
    multi_json (1.8.2)
    nokogiri (1.5.11)
    oauth (0.4.7)
    pry (0.9.12.2)
      coderay (~> 1.0.5)
      method_source (~> 0.8)
      slop (~> 3.4)
    rake (10.0.3)
    rb-fsevent (0.9.3)
    rb-inotify (0.9.0)
      ffi (>= 0.5.0)
    rb-kqueue (0.2.0)
      ffi (>= 0.5.0)
    roxml (3.3.1)
      activesupport (>= 2.3.0)
      nokogiri (>= 1.3.3)
    rspec (2.13.0)
      rspec-core (~> 2.13.0)
      rspec-expectations (~> 2.13.0)
      rspec-mocks (~> 2.13.0)
    rspec-core (2.13.1)
    rspec-expectations (2.13.0)
      diff-lcs (>= 1.1.3, < 2.0)
    rspec-mocks (2.13.1)
    simplecov (0.7.1)
      multi_json (~> 1.0)
      simplecov-html (~> 0.7.1)
    simplecov-html (0.7.1)
    slop (3.4.5)
    thor (0.18.1)
    thread_safe (0.1.3)
      atomic
    tzinfo (0.3.38)

PLATFORMS
  ruby

DEPENDENCIES
  activemodel (~> 4.0)
  fakeweb
  guard (= 1.8.0)
  guard-rspec (= 3.0.0)
  listen
  quickeebooks!
  rake
  rspec (= 2.13.0)
  simplecov
